GEM
  remote: https://rubygems.org/
  specs:
    spider (0.5.4)

PLATFORMS
  ruby
  x86_64-linux

DEPENDENCIES
  spider

BUNDLED WITH
   2.6.5
